GEM
  remote: https://rubygems.org/
  specs:
    airbrake (3.1.6)
      builder
      girl_friday
    builder (3.2.2)
    connection_pool (0.9.3)
    daemons (1.1.9)
    eventmachine (1.0.3)
    girl_friday (0.11.1)
      connection_pool (~> 0.9.0)
      rubinius-actor
    rack (1.5.2)
    rack-protection (1.5.3)
      rack
    rubinius-actor (0.0.2)
      rubinius-core-api
    rubinius-core-api (0.0.1)
    sinatra (1.4.5)
      rack (~> 1.4)
      rack-protection (~> 1.4)
      tilt (~> 1.3, >= 1.3.4)
    thin (1.6.2)
      daemons (>= 1.0.9)
      eventmachine (>= 1.0.0)
      rack (>= 1.0.0)
    tilt (1.4.1)

PLATFORMS
  ruby

DEPENDENCIES
  airbrake
  sinatra
  thin
